PATH
  remote: .
  specs:
    share_counts (0.1.4)
      json
      nokogiri
      redis
      rest-client

GEM
  remote: http://rubygems.org/
  specs:
    activesupport (3.0.5)
    addressable (2.2.4)
    autotest-fsevent (0.2.5)
      sys-uname
    autotest-growl (0.2.9)
    crack (0.1.8)
    json (1.5.1)
    mime-types (1.16)
    nokogiri (1.4.4)
    redgreen (1.2.2)
    redis (2.2.0)
    rest-client (1.6.1)
      mime-types (>= 1.16)
    sys-uname (0.8.5)
    webmock (1.6.2)
      addressable (>= 2.2.2)
      crack (>= 0.1.7)

PLATFORMS
  ruby

DEPENDENCIES
  activesupport
  autotest-fsevent
  autotest-growl
  redgreen
  share_counts!
  webmock
